GIT
  remote: https://github.com/marcelofabri/synx
  revision: 910c4b75bee21f5aac49d0dd58a00f254699497d
  specs:
    synx (0.2.0)
      clamp (~> 0.6)
      colorize (~> 0.7)
      xcodeproj (>= 0.28.2, < 1.1.0)

GEM
  remote: https://rubygems.org/
  specs:
    RubyInline (3.12.4)
      ZenTest (~> 4.3)
    ZenTest (4.11.0)
    activesupport (4.2.6)
      i18n (~> 0.7)
      json (~> 1.7, >= 1.7.7)
      minitest (~> 5.1)
      thread_safe (~> 0.3, >= 0.3.4)
      tzinfo (~> 1.1)
    claide (1.0.0)
    clamp (0.6.5)
    cocoapods (1.0.0)
      activesupport (>= 4.0.2)
      claide (>= 1.0.0, < 2.0)
      cocoapods-core (= 1.0.0)
      cocoapods-deintegrate (>= 1.0.0, < 2.0)
      cocoapods-downloader (>= 1.0.0, < 2.0)
      cocoapods-plugins (>= 1.0.0, < 2.0)
      cocoapods-search (>= 1.0.0, < 2.0)
      cocoapods-stats (>= 1.0.0, < 2.0)
      cocoapods-trunk (>= 1.0.0, < 2.0)
      cocoapods-try (>= 1.0.0, < 2.0)
      colored (~> 1.2)
      escape (~> 0.0.4)
      fourflusher (~> 0.3.0)
      molinillo (~> 0.4.5)
      nap (~> 1.0)
      xcodeproj (>= 1.0.0, < 2.0)
    cocoapods-acknowledgements (1.1.1)
      redcarpet (~> 3.3)
    cocoapods-core (1.0.0)
      activesupport (>= 4.0.2)
      fuzzy_match (~> 2.0.4)
      nap (~> 1.0)
    cocoapods-deintegrate (1.0.0)
    cocoapods-downloader (1.0.0)
    cocoapods-keys (1.6.1)
      dotenv
      osx_keychain
    cocoapods-plugins (1.0.0)
      nap
    cocoapods-search (1.0.0)
    cocoapods-stats (1.0.0)
    cocoapods-trunk (1.0.0)
      nap (>= 0.8, < 2.0)
      netrc (= 0.7.8)
    cocoapods-try (1.0.0)
    colored (1.2)
    colorize (0.7.7)
    dotenv (2.1.1)
    escape (0.0.4)
    fourflusher (0.3.0)
    fuzzy_match (2.0.4)
    i18n (0.7.0)
    json (1.8.3)
    minitest (5.8.4)
    molinillo (0.4.5)
    nap (1.1.0)
    netrc (0.7.8)
    osx_keychain (1.0.1)
      RubyInline (~> 3)
    redcarpet (3.3.4)
    thread_safe (0.3.5)
    tzinfo (1.2.2)
      thread_safe (~> 0.1)
    xcodeproj (1.0.0)
      activesupport (>= 3)
      claide (>= 1.0.0, < 2.0)
      colored (~> 1.2)

PLATFORMS
  ruby

DEPENDENCIES
  cocoapods
  cocoapods-acknowledgements
  cocoapods-keys
  synx!

BUNDLED WITH
   1.12.1
